GIT
  remote: git://github.com/makevoid/bitcoin-client.git
  revision: afa82fdb9a96ab0b26ea6fd26d9797ff96d100b3
  specs:
    bitcoin-client (0.0.4)
      rest-client

GEM
  remote: http://rubygems.org/
  specs:
    coffee-script (2.4.1)
      coffee-script-source
      execjs
    coffee-script-source (1.10.0)
    domain_name (0.5.20160615)
      unf (>= 0.0.5, < 1.0.0)
    execjs (2.7.0)
    haml (4.0.7)
      tilt
    hashie (3.4.4)
    http-cookie (1.0.2)
      domain_name (~> 0.5)
    mime-types (2.99.2)
    netrc (0.11.0)
    puma (3.4.0)
    rack (2.0.1)
    redis (3.3.0)
    rest-client (1.8.0)
      http-cookie (>= 1.0.2, < 2.0)
      mime-types (>= 1.16, < 3.0)
      netrc (~> 0.7)
    roda (2.15.0)
      rack
    tilt (2.0.5)
    unf (0.1.4)
      unf_ext
    unf_ext (0.0.7.2)

PLATFORMS
  ruby

DEPENDENCIES
  bitcoin-client!
  coffee-script
  haml
  hashie
  puma
  redis
  roda

BUNDLED WITH
   1.12.5
